GEM
  remote: https://rubygems.org/
  specs:
    avro (1.9.2)
      multi_json
    avro_turf (0.11.0)
      avro (>= 1.7.7, < 1.10)
      excon (~> 0.45)
    digest-crc (0.5.1)
    excon (0.73.0)
    multi_json (1.14.1)
    ruby-kafka (1.0.0)
      digest-crc

PLATFORMS
  ruby

DEPENDENCIES
  avro_turf (~> 0.11.0)
  ruby-kafka (~> 1.0.0)

RUBY VERSION
   ruby 2.7.0p0

BUNDLED WITH
   2.1.2
